GEM
  remote: https://rubygems.org/
  specs:
    json (1.8.0-java)
    rack (1.5.2)
    rack-protection (1.5.0)
      rack
    sinatra (1.4.3)
      rack (~> 1.4)
      rack-protection (~> 1.4)
      tilt (~> 1.3, >= 1.3.4)
    tilt (1.4.1)

PLATFORMS
  java

DEPENDENCIES
  json (= 1.8.0)
  sinatra (= 1.4.3)
